GEM
  remote: https://rubygems.org/
  specs:
    activemodel (4.1.8)
      activesupport (= 4.1.8)
      builder (~> 3.1)
    activerecord (4.1.8)
      activemodel (= 4.1.8)
      activesupport (= 4.1.8)
      arel (~> 5.0.0)
    activesupport (4.1.8)
      i18n (~> 0.6, >= 0.6.9)
      json (~> 1.7, >= 1.7.7)
      minitest (~> 5.1)
      thread_safe (~> 0.1)
      tzinfo (~> 1.1)
    arel (5.0.1.20140414130214)
    bond (0.5.1)
    builder (3.2.2)
    chartkick (1.3.2)
    haml (4.0.5)
      tilt
    i18n (0.6.11)
    json (1.8.1)
    mini_portile (0.6.1)
    minitest (5.4.3)
    nokogiri (1.6.5-x86-mingw32)
      mini_portile (~> 0.6.0)
    pg (0.17.1-x86-mingw32)
    rack (1.5.2)
    rack-protection (1.5.3)
      rack
    rack-test (0.6.2)
      rack (>= 1.0)
    rake (10.4.0)
    ripl (0.7.1)
      bond (~> 0.5.1)
    ripl-multi_line (0.3.1)
      ripl (>= 0.3.6)
    ripl-rack (0.2.1)
      rack (>= 1.0)
      rack-test (~> 0.6.2)
      ripl (>= 0.7.0)
    seed_dump (3.2.0)
      activerecord (~> 4)
      activesupport (~> 4)
    shotgun (0.9)
      rack (>= 1.0)
    sinatra (1.4.5)
      rack (~> 1.4)
      rack-protection (~> 1.4)
      tilt (~> 1.3, >= 1.3.4)
    sinatra-activerecord (2.0.3)
      activerecord (>= 3.2)
      sinatra (~> 1.0)
    thread_safe (0.3.4)
    tilt (1.4.1)
    tux (0.3.0)
      ripl (>= 0.3.5)
      ripl-multi_line (>= 0.2.4)
      ripl-rack (>= 0.2.0)
      sinatra (>= 1.2.1)
    tzinfo (1.2.2)
      thread_safe (~> 0.1)

PLATFORMS
  x86-mingw32

DEPENDENCIES
  activerecord
  chartkick
  haml
  nokogiri
  pg
  rake
  seed_dump
  shotgun
  sinatra
  sinatra-activerecord
  tux
